GEM
  remote: http://rubygems.org/
  specs:
    actionpack (5.2.3)
      actionview (= 5.2.3)
      activesupport (= 5.2.3)
      rack (~> 2.0)
      rack-test (>= 0.6.3)
      rails-dom-testing (~> 2.0)
      rails-html-sanitizer (~> 1.0, >= 1.0.2)
    actionview (5.2.3)
      activesupport (= 5.2.3)
      builder (~> 3.1)
      erubi (~> 1.4)
      rails-dom-testing (~> 2.0)
      rails-html-sanitizer (~> 1.0, >= 1.0.3)
    activemodel (5.2.3)
      activesupport (= 5.2.3)
    activerecord (5.2.3)
      activemodel (= 5.2.3)
      activesupport (= 5.2.3)
      arel (>= 9.0)
    activesupport (5.2.3)
      concurrent-ruby (~> 1.0, >= 1.0.2)
      i18n (>= 0.7, < 2)
      minitest (~> 5.1)
      tzinfo (~> 1.1)
    addressable (2.6.0)
      public_suffix (>= 2.0.2, < 4.0)
    amatch (0.4.0)
      mize
      tins (~> 1.0)
    amq-protocol (2.3.0)
    arel (9.0.0)
    axiom-types (0.1.1)
      descendants_tracker (~> 0.0.4)
      ice_nine (~> 0.11.0)
      thread_safe (~> 0.3, >= 0.3.1)
    bson (4.4.2)
    builder (3.2.3)
    bunny (2.14.2)
      amq-protocol (~> 2.3, >= 2.3.0)
    bunny-mock (1.7.0)
      bunny (>= 1.7)
    coderay (1.1.2)
    coercible (1.0.0)
      descendants_tracker (~> 0.0.1)
    concurrent-ruby (1.1.5)
    crack (0.4.3)
      safe_yaml (~> 1.0.0)
    crass (1.0.4)
    declarative (0.0.10)
    declarative-option (0.1.0)
    descendants_tracker (0.0.4)
      thread_safe (~> 0.3, >= 0.3.1)
    diff-lcs (1.3)
    docile (1.3.1)
    domain_name (0.5.20180417)
      unf (>= 0.0.5, < 1.0.0)
    equalizer (0.0.11)
    erubi (1.8.0)
    factory_girl (4.9.0)
      activesupport (>= 3.0.0)
    fast-stemmer (1.0.2)
    ffi (1.10.0)
    formatador (0.2.5)
    fuubar (2.3.2)
      rspec-core (~> 3.0)
      ruby-progressbar (~> 1.4)
    grape (1.2.3)
      activesupport
      builder
      mustermann-grape (~> 1.0.0)
      rack (>= 1.3.0)
      rack-accept
      virtus (>= 1.0.0)
    grape-roar (0.4.1)
      grape
      multi_json
      roar (~> 1.1.0)
    guard (2.15.0)
      formatador (>= 0.2.4)
      listen (>= 2.7, < 4.0)
      lumberjack (>= 1.0.12, < 2.0)
      nenv (~> 0.1)
      notiffany (~> 0.0)
      pry (>= 0.9.12)
      shellany (~> 0.0)
      thor (>= 0.18.1)
    guard-compat (1.2.1)
    guard-rspec (4.7.3)
      guard (~> 2.1)
      guard-compat (~> 1.1)
      rspec (>= 2.99.0, < 4.0)
    hashdiff (0.3.9)
    hashie (3.6.0)
    hashie-forbidden_attributes (0.1.1)
      hashie (>= 3.0)
    http-cookie (1.0.3)
      domain_name (~> 0.5)
    i18n (1.6.0)
      concurrent-ruby (~> 1.0)
    ice_nine (0.11.2)
    json (2.2.0)
    kgio (2.11.2)
    listen (3.1.5)
      rb-fsevent (~> 0.9, >= 0.9.4)
      rb-inotify (~> 0.9, >= 0.9.7)
      ruby_dep (~> 1.2)
    logstash-event (1.2.02)
    logstash-logger (0.26.1)
      logstash-event (~> 1.2)
    loofah (2.2.3)
      crass (~> 1.0.2)
      nokogiri (>= 1.5.9)
    lumberjack (1.0.13)
    method_source (0.9.2)
    mime-types (3.2.2)
      mime-types-data (~> 3.2015)
    mime-types-data (3.2019.0331)
    mini_portile2 (2.4.0)
    minitest (5.11.3)
    mize (0.3.5)
      protocol
    mongo (2.8.0)
      bson (>= 4.4.2, < 5.0.0)
    mongoid (7.0.2)
      activemodel (>= 5.1, < 6.0.0)
      mongo (>= 2.5.1, < 3.0.0)
    mongoid_search (0.3.6)
      fast-stemmer (~> 1.0.0)
      mongoid (>= 3.0.0)
    multi_json (1.13.1)
    mustermann (1.0.3)
    mustermann-grape (1.0.0)
      mustermann (~> 1.0.0)
    mysql2 (0.5.2)
    nenv (0.3.0)
    netrc (0.11.0)
    nokogiri (1.10.3)
      mini_portile2 (~> 2.4.0)
    notiffany (0.1.1)
      nenv (~> 0.1)
      shellany (~> 0.0)
    otr-activerecord (1.3.1)
      activerecord (>= 4.0, < 6.1)
      hashie-forbidden_attributes (~> 0.1)
    protocol (1.0.1)
      ruby_parser (~> 3.0)
    pry (0.12.2)
      coderay (~> 1.1.0)
      method_source (~> 0.9.0)
    public_suffix (3.0.3)
    rack (2.0.7)
    rack-accept (0.4.5)
      rack (>= 0.4)
    rack-test (1.1.0)
      rack (>= 1.0, < 3)
    rails-dom-testing (2.0.3)
      activesupport (>= 4.2.0)
      nokogiri (>= 1.6)
    rails-html-sanitizer (1.0.4)
      loofah (~> 2.2, >= 2.2.2)
    raindrops (0.19.0)
    rake (12.3.2)
    rb-fsevent (0.10.3)
    rb-inotify (0.10.0)
      ffi (~> 1.0)
    representable (3.0.4)
      declarative (< 0.1.0)
      declarative-option (< 0.2.0)
      uber (< 0.2.0)
    request_store (1.4.1)
      rack (>= 1.4)
    require_all (2.0.0)
    rest-client (2.0.2)
      http-cookie (>= 1.0.2, < 2.0)
      mime-types (>= 1.16, < 4.0)
      netrc (~> 0.8)
    roar (1.1.0)
      representable (~> 3.0.0)
    rspec (3.8.0)
      rspec-core (~> 3.8.0)
      rspec-expectations (~> 3.8.0)
      rspec-mocks (~> 3.8.0)
    rspec-core (3.8.0)
      rspec-support (~> 3.8.0)
    rspec-expectations (3.8.3)
      diff-lcs (>= 1.2.0, < 2.0)
      rspec-support (~> 3.8.0)
    rspec-mocks (3.8.0)
      diff-lcs (>= 1.2.0, < 2.0)
      rspec-support (~> 3.8.0)
    rspec-support (3.8.0)
    rspec_junit_formatter (0.2.2)
      builder (< 4)
      rspec-core (>= 2, < 4, != 2.12.0)
    ruby-progressbar (1.10.0)
    ruby_dep (1.5.0)
    ruby_parser (3.13.1)
      sexp_processor (~> 4.9)
    safe_yaml (1.0.5)
    sexp_processor (4.12.0)
    shellany (0.0.1)
    simplecov (0.16.1)
      docile (~> 1.1)
      json (>= 1.8, < 3)
      simplecov-html (~> 0.10.0)
    simplecov-html (0.10.2)
    statsd-instrument (2.3.2)
    thor (0.20.3)
    thread_safe (0.3.6)
    tins (1.20.2)
    tzinfo (1.2.5)
      thread_safe (~> 0.1)
    uber (0.1.0)
    unf (0.1.4)
      unf_ext
    unf_ext (0.0.7.6)
    unicorn (5.5.1)
      kgio (~> 2.6)
      raindrops (~> 0.7)
    virtus (1.0.5)
      axiom-types (~> 0.1)
      coercible (~> 1.0)
      descendants_tracker (~> 0.0, >= 0.0.3)
      equalizer (~> 0.0, >= 0.0.9)
    webmock (3.5.1)
      addressable (>= 2.3.6)
      crack (>= 0.3.2)
      hashdiff

PLATFORMS
  ruby

DEPENDENCIES
  actionpack
  amatch
  bunny-mock
  factory_girl
  fuubar
  grape
  grape-roar
  guard-rspec
  logstash-logger
  mongoid
  mongoid_search
  mysql2
  otr-activerecord
  pry
  rack
  rack-test
  rake
  request_store
  require_all
  rest-client
  rspec
  rspec_junit_formatter (= 0.2.2)
  simplecov
  statsd-instrument
  unicorn
  webmock

RUBY VERSION
   ruby 2.6.2p47

BUNDLED WITH
   1.17.2
